GEM
  remote: https://nexus.engine.sourcefire.com/repository/gems/
  specs:
    graphviz (1.1.0)
      process-pipeline
    highline (2.0.2)
    process-group (1.1.0)
    process-pipeline (1.0.1)
      process-group

PLATFORMS
  ruby

DEPENDENCIES
  graphviz
  highline

BUNDLED WITH
   1.16.6
